GEM
  remote: https://rubygems.org/
  specs:
    json (1.8.1)
    pg (0.17.1)

PLATFORMS
  ruby

DEPENDENCIES
  json
  pg
